PATH
  remote: .
  specs:
    promotional_checkout (0.1.0)

GEM
  remote: https://rubygems.org/
  specs:
    byebug (11.1.3)
    minitest (5.14.2)
    minitest-line (0.6.5)
      minitest (~> 5.0)
    rake (12.3.3)

PLATFORMS
  ruby

DEPENDENCIES
  byebug (~> 11.1)
  minitest (~> 5.0)
  minitest-line (~> 0.6.5)
  promotional_checkout!
  rake (~> 12.0)

BUNDLED WITH
   2.1.4
