PATH
  remote: .
  specs:
    promotional_checkout (0.1.0)
      money

GEM
  remote: https://rubygems.org/
  specs:
    byebug (11.1.3)
    concurrent-ruby (1.1.7)
    i18n (1.8.5)
      concurrent-ruby (~> 1.0)
    minitest (5.14.2)
    minitest-line (0.6.5)
      minitest (~> 5.0)
    money (6.13.8)
      i18n (>= 0.6.4, <= 2)
    rake (12.3.3)

PLATFORMS
  ruby

DEPENDENCIES
  byebug (~> 11.1)
  minitest (~> 5.0)
  minitest-line (~> 0.6.5)
  promotional_checkout!
  rake (~> 12.0)

BUNDLED WITH
   2.1.4
